PATH
  remote: .
  specs:
    friendly_numbers (0.5.0)

GEM
  remote: https://rubygems.org/
  specs:
    minitest (5.13.0)
    rake (13.0.1)

PLATFORMS
  ruby

DEPENDENCIES
  bundler (~> 1.13)
  friendly_numbers!
  minitest
  rake
